GEM
  remote: https://rubygems.org/
  specs:
    activesupport (5.0.2)
      concurrent-ruby (~> 1.0, >= 1.0.2)
      i18n (~> 0.7)
      minitest (~> 5.1)
      tzinfo (~> 1.1)
    addressable (2.5.1)
      public_suffix (~> 2.0, >= 2.0.2)
    airbrussh (1.1.2)
      sshkit (>= 1.6.1, != 1.7.0)
    capistrano (3.8.0)
      airbrussh (>= 1.0.0)
      i18n
      rake (>= 10.0.0)
      sshkit (>= 1.9.0)
    capistrano-bundler (1.2.0)
      capistrano (~> 3.1)
      sshkit (~> 1.2)
    capistrano-rvm (0.1.2)
      capistrano (~> 3.0)
      sshkit (~> 1.2)
    colorator (1.1.0)
    colored (1.2)
    concurrent-ruby (1.0.5)
    diff-lcs (1.3)
    ethon (0.10.1)
      ffi (>= 1.3.0)
    ffi (1.9.18)
    forwardable-extended (2.6.0)
    html-proofer (3.6.0)
      activesupport (>= 4.2, < 6.0)
      addressable (~> 2.3)
      colored (~> 1.2)
      mercenary (~> 0.3.2)
      nokogiri (~> 1.5)
      parallel (~> 1.3)
      typhoeus (~> 0.7)
      yell (~> 2.0)
    i18n (0.8.1)
    jekyll (3.4.3)
      addressable (~> 2.4)
      colorator (~> 1.0)
      jekyll-sass-converter (~> 1.0)
      jekyll-watch (~> 1.1)
      kramdown (~> 1.3)
      liquid (~> 3.0)
      mercenary (~> 0.3.3)
      pathutil (~> 0.9)
      rouge (~> 1.7)
      safe_yaml (~> 1.0)
    jekyll-redirect-from (0.12.1)
      jekyll (~> 3.3)
    jekyll-sass-converter (1.5.0)
      sass (~> 3.4)
    jekyll-sitemap (1.0.0)
      jekyll (~> 3.3)
    jekyll-watch (1.5.0)
      listen (~> 3.0, < 3.1)
    kramdown (1.13.2)
    liquid (3.0.6)
    listen (3.0.8)
      rb-fsevent (~> 0.9, >= 0.9.4)
      rb-inotify (~> 0.9, >= 0.9.7)
    mercenary (0.3.6)
    mini_portile2 (2.1.0)
    minitest (5.10.1)
    net-scp (1.2.1)
      net-ssh (>= 2.6.5)
    net-ssh (4.1.0)
    nokogiri (1.7.1)
      mini_portile2 (~> 2.1.0)
    parallel (1.11.1)
    pathutil (0.14.0)
      forwardable-extended (~> 2.6)
    public_suffix (2.0.5)
    rake (12.0.0)
    rb-fsevent (0.9.8)
    rb-inotify (0.9.8)
      ffi (>= 0.5.0)
    rouge (1.11.1)
    rspec (3.5.0)
      rspec-core (~> 3.5.0)
      rspec-expectations (~> 3.5.0)
      rspec-mocks (~> 3.5.0)
    rspec-core (3.5.4)
      rspec-support (~> 3.5.0)
    rspec-expectations (3.5.0)
      diff-lcs (>= 1.2.0, < 2.0)
      rspec-support (~> 3.5.0)
    rspec-mocks (3.5.0)
      diff-lcs (>= 1.2.0, < 2.0)
      rspec-support (~> 3.5.0)
    rspec-support (3.5.0)
    safe_yaml (1.0.4)
    sass (3.4.23)
    sshkit (1.13.0)
      net-scp (>= 1.1.2)
      net-ssh (>= 2.8.0)
    thread_safe (0.3.6)
    typhoeus (0.8.0)
      ethon (>= 0.8.0)
    tzinfo (1.2.3)
      thread_safe (~> 0.1)
    yell (2.0.7)

PLATFORMS
  ruby

DEPENDENCIES
  capistrano (> 3.4)
  capistrano-bundler (> 1.1.4)
  capistrano-rvm
  html-proofer (~> 3.0, >= 3.0.5)
  jekyll (= 3.4.3)
  jekyll-redirect-from (> 0.10.0)
  jekyll-sitemap (> 0.10.0)
  rouge (> 1.10)
  rspec

BUNDLED WITH
   1.14.6
